NUGET
  remote: https://www.nuget.org/api/v2
    SevenZipSharp.Net45 (1.0.5)
