NUGET
  remote: https://www.nuget.org/api/v2
    SevenZipSharp (0.64)
